GEM
  remote: https://rubygems.org/
  specs:
    colored (1.2)
    execjs (1.4.0)
      multi_json (~> 1.0)
    multi_json (1.7.6)
    uglifier (2.1.1)
      execjs (>= 0.3.0)
      multi_json (~> 1.0, >= 1.0.2)
    win32console (1.3.2)
    yuicompressor (1.2.1)

PLATFORMS
  ruby

DEPENDENCIES
  colored
  uglifier
  win32console
  yuicompressor
